GEM
  remote: http://rubygems.org/
  specs:
    bcrypt (3.1.11)
    bcrypt (3.1.11-java)
    bcrypt (3.1.11-x64-mingw32)
    bcrypt-ruby (3.1.5)
      bcrypt (>= 3.1.3)
    bcrypt-ruby (3.1.5-java)
      bcrypt (>= 3.1.3)
    bcrypt-ruby (3.1.5-x64-mingw32)
      bcrypt (>= 3.1.3)
    mail (2.6.4)
      mime-types (>= 1.16, < 4)
    mime-types (3.1)
      mime-types-data (~> 3.2015)
    mime-types-data (3.2016.0521)
    pg (0.18.4)
    pg (0.18.4-x64-mingw32)
    pony (1.11)
      mail (>= 2.0)
    rack (1.6.4)
    rack-protection (1.5.3)
      rack
    sinatra (1.4.7)
      rack (~> 1.5)
      rack-protection (~> 1.4)
      tilt (>= 1.3, < 3)
    tilt (2.0.2)

PLATFORMS
  java
  ruby
  x64-mingw32

DEPENDENCIES
  bcrypt-ruby (= 3.1.5)
  pg (~> 0.18.4)
  pony (~> 1.11)
  sinatra (~> 1.4.7)
  tilt (~> 2.0.2)

RUBY VERSION
   ruby 2.3.1p112

BUNDLED WITH
1.14.4