GEM
  remote: http://rubygems.org/
  specs:
    bcrypt (3.1.11-x64-mingw32)
    mail (2.6.4)
      mime-types (>= 1.16, < 4)
    mime-types (3.1)
      mime-types-data (~> 3.2015)
    mime-types-data (3.2016.0521)
    pg (0.19.0-x64-mingw32)
    pony (1.11)
      mail (>= 2.0)
    rack (1.6.5)
    rack-protection (1.5.3)
      rack
    sinatra (1.4.8)
      rack (~> 1.5)
      rack-protection (~> 1.4)
      tilt (>= 1.3, < 3)
    tilt (2.0.6)

PLATFORMS
  x64-mingw32

DEPENDENCIES
  bcrypt (~> 3.1.11)
  bundler (~> 1.13.2)
  pg (~> 0.19.0)
  pony (~> 1.11)
  sinatra (~> 1.4.8)
  tilt (~> 2.0.6)

RUBY VERSION
   ruby 2.2.5p319

BUNDLED WITH
   1.13.2
