GEM
  remote: https://rubygems.org/
  specs:
    bcrypt (3.1.11-x64-mingw32)
    mail (2.6.4)
      mime-types (>= 1.16, < 4)
    mime-types (3.1)
      mime-types-data (~> 3.2015)
    mime-types-data (3.2016.0521)
    pg (0.19.0-x64-mingw32)
    pony (1.11)
      mail (>= 2.0)
    rack (1.6.5)
    rack-protection (1.5.3)
      rack
    sinatra (1.4.8)
      rack (~> 1.5)
      rack-protection (~> 1.4)
      tilt (>= 1.3, < 3)
    tilt (2.0.6)

PLATFORMS
  x64-mingw32

DEPENDENCIES
  bcrypt
  pg
  pony
  rack
  rack-protection
  sinatra
  tilt

BUNDLED WITH
   1.14.4
